GEM
  remote: https://rubygems.org/
  specs:
    ruby2d (0.9.5)

PLATFORMS
  x64-mingw32

DEPENDENCIES
  ruby2d (~> 0.9.5)

BUNDLED WITH
   2.2.14
